GEM
  remote: https://rubygems.org/
  specs:
    date (3.3.3)
    nokogiri (1.14.2-x86_64-darwin)
      racc (~> 1.4)
    open-uri (0.3.0)
      stringio
      time
      uri
    racc (1.6.2)
    stringio (3.0.5)
    time (0.2.1)
      date
    uri (0.12.0)

PLATFORMS
  x86_64-darwin-22

DEPENDENCIES
  nokogiri
  open-uri

BUNDLED WITH
   2.4.6
